PATH
  remote: .
  specs:
    rpub (0.3.0)
      builder
      kramdown
      nokogiri
      rubyzip
      textstats
      typogruby
      typogruby

GEM
  remote: http://rubygems.org/
  specs:
    builder (3.0.0)
    diff-lcs (1.1.3)
    ffi (1.0.11)
    growl (1.0.3)
    guard (1.0.3)
      ffi (>= 0.5.0)
      thor (>= 0.14.6)
    guard-rspec (0.7.3)
      guard (>= 0.10.0)
    kramdown (0.13.6)
    multi_json (1.3.5)
    nokogiri (1.5.2)
    rake (0.9.2.2)
    rb-fsevent (0.9.1)
    rspec (2.10.0)
      rspec-core (~> 2.10.0)
      rspec-expectations (~> 2.10.0)
      rspec-mocks (~> 2.10.0)
    rspec-core (2.10.1)
    rspec-expectations (2.10.0)
      diff-lcs (~> 1.1.3)
    rspec-mocks (2.10.1)
    rubypants (0.2.0)
    rubyzip (0.9.8)
    simplecov (0.6.4)
      multi_json (~> 1.0)
      simplecov-html (~> 0.5.3)
    simplecov-html (0.5.3)
    textstats (0.0.2)
    thor (0.15.2)
    typogruby (1.0.15)
      rubypants
    yard (0.8.1)

PLATFORMS
  ruby

DEPENDENCIES
  growl
  guard
  guard-rspec
  rake
  rb-fsevent
  rpub!
  rspec
  simplecov
  yard
