PATH
  remote: .
  specs:
    rpub (0.2.0)
      builder
      kramdown
      rubyzip
      typogruby

GEM
  remote: http://rubygems.org/
  specs:
    builder (3.0.0)
    diff-lcs (1.1.3)
    ffi (1.0.11)
    growl (1.0.3)
    guard (1.0.1)
      ffi (>= 0.5.0)
      thor (~> 0.14.6)
    guard-rspec (0.7.0)
      guard (>= 0.10.0)
    kramdown (0.13.5)
    nokogiri (1.5.2)
    rake (0.9.2.2)
    rb-fsevent (0.9.1)
    rspec (2.9.0)
      rspec-core (~> 2.9.0)
      rspec-expectations (~> 2.9.0)
      rspec-mocks (~> 2.9.0)
    rspec-core (2.9.0)
    rspec-expectations (2.9.1)
      diff-lcs (~> 1.1.3)
    rspec-mocks (2.9.0)
    rubypants (0.2.0)
    rubyzip (0.9.7)
    thor (0.14.6)
    typogruby (1.0.15)
      rubypants
    yard (0.7.5)

PLATFORMS
  ruby

DEPENDENCIES
  growl
  guard
  guard-rspec
  nokogiri
  rake
  rb-fsevent
  rpub!
  rspec
  yard
